GEM
  remote: https://rubygems.org/
  specs:
    coderay (1.1.1)
    dotenv (2.1.1)
    firebase (0.2.6)
      httpclient
      json
    firebase_token_generator (2.0.0)
    httpclient (2.8.3)
    json (2.0.3)
    method_source (0.8.2)
    mini_portile2 (2.1.0)
    nokogiri (1.7.0)
      mini_portile2 (~> 2.1.0)
    pry (0.10.4)
      coderay (~> 1.1.0)
      method_source (~> 0.8.1)
      slop (~> 3.4)
    rake (12.0.0)
    slop (3.6.0)

PLATFORMS
  ruby

DEPENDENCIES
  dotenv
  firebase
  firebase_token_generator
  nokogiri
  pry
  rake

BUNDLED WITH
   1.13.6
