GEM
  remote: https://rubygems.org/
  specs:
    activesupport (4.2.7.1)
      i18n (~> 0.7)
      json (~> 1.7, >= 1.7.7)
      minitest (~> 5.1)
      thread_safe (~> 0.3, >= 0.3.4)
      tzinfo (~> 1.1)
    chronic (0.10.2)
    coderay (1.1.1)
    dotenv (2.1.1)
    firebase (0.2.6)
      httpclient
      json
    firebase_token_generator (2.0.0)
    httpclient (2.8.3)
    i18n (0.7.0)
    json (1.8.6)
    method_source (0.8.2)
    mini_portile2 (2.1.0)
    minitest (5.10.1)
    nokogiri (1.7.0)
      mini_portile2 (~> 2.1.0)
    pry (0.10.4)
      coderay (~> 1.1.0)
      method_source (~> 0.8.1)
      slop (~> 3.4)
    rake (12.0.0)
    slop (3.6.0)
    thread_safe (0.3.5)
    tzinfo (1.2.2)
      thread_safe (~> 0.1)
    whenever (0.8.4)
      activesupport (>= 2.3.4)
      chronic (>= 0.6.3)

PLATFORMS
  ruby

DEPENDENCIES
  activesupport (~> 4.2.7)
  dotenv
  firebase
  firebase_token_generator
  nokogiri
  pry
  rake
  whenever

BUNDLED WITH
   1.13.6
